GEM
  remote: https://rubygems.org/
  specs:
    ruby-progressbar (1.10.1)

PLATFORMS
  ruby

DEPENDENCIES
  ruby-progressbar (~> 1.10)

BUNDLED WITH
   1.17.3
